GEM
  remote: http://rubygems.org/
  specs:
    archive-tar-minitar (0.5.2)
    columnize (0.3.4)
    diff-lcs (1.1.3)
    git (1.2.5)
    highline (1.6.2)
    jeweler (1.6.4)
      bundler (~> 1.0)
      git (>= 1.2.5)
      rake
    json (1.6.1)
    linecache (0.46)
      rbx-require-relative (> 0.0.4)
    linecache19 (0.5.12)
      ruby_core_source (>= 0.1.4)
    mechanize (2.0.2)
      net-http-digest_auth (~> 1.1, >= 1.1.1)
      net-http-persistent (~> 1.8)
      nokogiri (~> 1.4)
      webrobots (~> 0.0, >= 0.0.9)
    net-http-digest_auth (1.1.1)
    net-http-persistent (1.9)
    nokogiri (1.5.0)
    rake (0.9.2.2)
    rbx-require-relative (0.0.5)
    rcov (0.9.11)
    rdoc (3.11)
      json (~> 1.4)
    rspec (2.7.0)
      rspec-core (~> 2.7.0)
      rspec-expectations (~> 2.7.0)
      rspec-mocks (~> 2.7.0)
    rspec-core (2.7.1)
    rspec-expectations (2.7.0)
      diff-lcs (~> 1.1.2)
    rspec-mocks (2.7.0)
    ruby-debug (0.10.4)
      columnize (>= 0.1)
      ruby-debug-base (~> 0.10.4.0)
    ruby-debug-base (0.10.4)
      linecache (>= 0.3)
    ruby-debug-base19 (0.11.25)
      columnize (>= 0.3.1)
      linecache19 (>= 0.5.11)
      ruby_core_source (>= 0.1.4)
    ruby-debug19 (0.11.6)
      columnize (>= 0.3.1)
      linecache19 (>= 0.5.11)
      ruby-debug-base19 (>= 0.11.19)
    ruby_core_source (0.1.5)
      archive-tar-minitar (>= 0.5.2)
    webrobots (0.0.12)
      nokogiri (>= 1.4.4)
    yard (0.7.3)
    yard-rspec (0.1)
      yard

PLATFORMS
  ruby

DEPENDENCIES
  bundler (>= 1.0.21)
  highline (>= 1.6.2)
  jeweler (>= 1.6.4)
  json
  mechanize (>= 2.0.2)
  nokogiri (>= 1.5.0)
  rcov
  rdoc (>= 3.9.4)
  rspec (>= 2.6.0)
  ruby-debug
  ruby-debug19
  yard (>= 0.7.2)
  yard-rspec (>= 0.1)
